GEM
  remote: http://rubygems.org/
  specs:
    pg (0.12.2)
    rack (1.4.1)
    rack-protection (1.2.0)
      rack
    ruby-ole (1.2.11.2)
    sass (3.1.12)
    shotgun (0.9)
      rack (>= 1.0)
    sinatra (1.3.2)
      rack (~> 1.3, >= 1.3.6)
      rack-protection (~> 1.2)
      tilt (~> 1.3, >= 1.3.3)
    spreadsheet (0.6.8)
      ruby-ole (>= 1.0)
    tilt (1.3.3)

PLATFORMS
  ruby

DEPENDENCIES
  pg
  sass
  shotgun
  sinatra
  spreadsheet
